GEM
  remote: https://rubygems.org/
  specs:
    csv (3.3.0)
    date (3.3.4)
    icalendar (2.10.3)
      ice_cube (~> 0.16)
      ostruct
    ice_cube (0.17.0)
    open-uri (0.4.1)
      stringio
      time
      uri
    ostruct (0.6.0)
    stringio (3.1.1)
    time (0.4.0)
      date
    uri (0.13.1)

PLATFORMS
  ruby
  x86_64-linux

DEPENDENCIES
  csv
  icalendar
  open-uri

BUNDLED WITH
   2.5.21
